GEM
  remote: http://rubygems.org/
  specs:
    daemons (1.1.8)
    diff-lcs (1.1.3)
    eventmachine (1.0.0)
    rack (1.4.1)
    rmagick (2.13.1)
    rspec (2.12.0)
      rspec-core (~> 2.12.0)
      rspec-expectations (~> 2.12.0)
      rspec-mocks (~> 2.12.0)
    rspec-core (2.12.0)
    rspec-expectations (2.12.0)
      diff-lcs (~> 1.1.3)
    rspec-mocks (2.12.0)
    thin (1.4.1)
      daemons (>= 1.0.9)
      eventmachine (>= 0.12.6)
      rack (>= 1.0.0)

PLATFORMS
  ruby

DEPENDENCIES
  rack
  rmagick
  rspec
  thin
